GEM
  remote: https://rubygems.org/
  specs:
    chunky_png (1.4.0)
    delegate (0.4.0)
    digest (3.2.0)
    english (0.8.0)
    fastimage (2.4.0)
    ffi (1.17.1)
    fileutils (1.7.3)
    forwardable (1.3.3)
    listen (3.9.0)
      rb-fsevent (~> 0.10, >= 0.10.3)
      rb-inotify (~> 0.9, >= 0.9.10)
    logger (1.6.6)
    nokogiri (1.17.2-x86_64-linux)
      racc (~> 1.4)
    nokogiri-pretty (0.1.0)
      nokogiri
    open3 (0.2.1)
    parallel (1.26.3)
    pathname (0.4.0)
    psych (4.0.6)
      stringio
    racc (1.8.1)
    rb-fsevent (0.11.2)
    rb-inotify (0.11.1)
      ffi (~> 1.0)
    rubyzip (2.3.2)
    set (1.1.1)
    seven_zip_ruby (1.3.0)
    singleton (0.3.0)
    stringio (3.1.5)
    strscan (3.1.2)
    tempfile (0.3.1)
    timeout (0.4.3)
    tmpdir (0.3.1)
      fileutils
    wdm (0.2.0)
    weakref (0.1.3)
      delegate
    yaml (0.4.0)
    zlib (3.2.1)

PLATFORMS
  x86_64-linux

DEPENDENCIES
  chunky_png
  delegate
  digest
  english
  fastimage
  fileutils
  forwardable
  listen
  logger
  nokogiri
  nokogiri-pretty
  open3
  parallel
  pathname
  psych (~> 4.0)
  rubyzip (~> 2.3.2)
  set
  seven_zip_ruby
  singleton
  stringio
  strscan
  tempfile
  timeout
  tmpdir
  wdm
  weakref
  yaml
  zlib

BUNDLED WITH
   2.3.5
